GEM
  remote: https://rubygems.org/
  specs:
    jruby-jars (1.7.19)
    jruby-openssl (0.9.14-java)
    jruby-rack (1.1.18)
    rake (10.1.1)
    rubyzip (1.1.7)
    warbler (1.4.5)
      jruby-jars (>= 1.5.6, < 2.0)
      jruby-rack (>= 1.1.1, < 1.3)
      rake (>= 0.9.6)
      rubyzip (>= 0.9, < 1.2)

PLATFORMS
  java

DEPENDENCIES
  jruby-openssl (~> 0.9.13)
  rake (~> 10.1.0)
  warbler (~> 1.4.5)
